GIT
  remote: https://github.com/middlicomp/aperitiiif-cli.git
  revision: a91d2e30228ef223348713a021adef9422d98eee
  tag: v0.1.2
  specs:
    aperitiiif (0.1.2)
      colorize
      iiif-presentation
      liquid
      mimemagic
      parallel
      ruby-progressbar
      ruby-vips
      safe_yaml
      thor

GEM
  remote: https://rubygems.org/
  specs:
    Ascii85 (1.1.0)
    activesupport (7.0.4.2)
      concurrent-ruby (~> 1.0, >= 1.0.2)
      i18n (>= 1.6, < 2)
      minitest (>= 5.1)
      tzinfo (~> 2.0)
    afm (0.2.2)
    colorize (0.8.1)
    concurrent-ruby (1.2.0)
    faraday (2.7.4)
      faraday-net_http (>= 2.0, < 3.1)
      ruby2_keywords (>= 0.0.4)
    faraday-net_http (3.0.2)
    ffi (1.15.5)
    hashery (2.1.2)
    i18n (1.12.0)
      concurrent-ruby (~> 1.0)
    iiif-presentation (1.1.0)
      activesupport (>= 3.2.18)
      faraday (>= 0.9)
      json
    json (2.6.3)
    liquid (5.4.0)
    mimemagic (0.4.3)
      nokogiri (~> 1)
      rake
    minitest (5.17.0)
    nokogiri (1.14.0-arm64-darwin)
      racc (~> 1.4)
    nokogiri (1.14.0-x86_64-darwin)
      racc (~> 1.4)
    nokogiri (1.14.0-x86_64-linux)
      racc (~> 1.4)
    parallel (1.22.1)
    pdf-reader (2.11.0)
      Ascii85 (~> 1.0)
      afm (~> 0.2.1)
      hashery (~> 2.0)
      ruby-rc4
      ttfunk
    racc (1.6.2)
    rake (13.0.6)
    ruby-progressbar (1.11.0)
    ruby-rc4 (0.1.5)
    ruby-vips (2.1.4)
      ffi (~> 1.12)
    ruby2_keywords (0.0.5)
    safe_yaml (1.0.5)
    thor (1.2.1)
    ttfunk (1.7.0)
    tzinfo (2.0.5)
      concurrent-ruby (~> 1.0)

PLATFORMS
  arm64-darwin-22
  x86_64-darwin-21
  x86_64-linux

DEPENDENCIES
  aperitiiif!
  pdf-reader

BUNDLED WITH
   2.3.12
